GEM
  remote: https://rubygems.org/
  specs:
    dotenv (2.8.1)
    faraday (2.7.7)
      faraday-net_http (>= 2.0, < 3.1)
      ruby2_keywords (>= 0.0.4)
    faraday-multipart (1.0.4)
      multipart-post (~> 2)
    faraday-net_http (3.0.2)
    multipart-post (2.3.0)
    mustermann (3.0.0)
      ruby2_keywords (~> 0.0.1)
    nio4r (2.5.9)
    puma (6.3.0)
      nio4r (~> 2.0)
    rack (2.2.7)
    rack-protection (3.0.6)
      rack
    ruby-openai (4.2.0)
      faraday (>= 1)
      faraday-multipart (>= 1)
    ruby2_keywords (0.0.5)
    sinatra (3.0.6)
      mustermann (~> 3.0)
      rack (~> 2.2, >= 2.2.4)
      rack-protection (= 3.0.6)
      tilt (~> 2.0)
    tilt (2.2.0)

PLATFORMS
  x86_64-darwin-22

DEPENDENCIES
  dotenv
  puma
  ruby-openai
  sinatra

RUBY VERSION
   ruby 3.2.2p53

BUNDLED WITH
   2.4.10
